GEM
  remote: https://rubygems.org/
  specs:
    activesupport (4.1.6)
      i18n (~> 0.6, >= 0.6.9)
      json (~> 1.7, >= 1.7.7)
      minitest (~> 5.1)
      thread_safe (~> 0.1)
      tzinfo (~> 1.1)
    dotenv (1.0.2)
    i18n (0.6.11)
    json (1.8.1)
    mem (0.1.5)
    minitest (5.4.2)
    ruboty (1.0.4)
      activesupport
      bundler
      dotenv
      mem
      slop
    ruboty-mocho (0.1.1)
    ruboty-slack (0.1.7)
      ruboty (>= 1.0.4)
      xrc (>= 0.0.6)
    slop (3.6.0)
    thread_safe (0.3.4)
    tzinfo (1.2.2)
      thread_safe (~> 0.1)
    xrc (0.1.4)
      activesupport

PLATFORMS
  ruby

DEPENDENCIES
  ruboty
  ruboty-mocho
  ruboty-slack
